GEM
  remote: http://rubygems.org/
  specs:
    sass (3.4.21)

PLATFORMS
  ruby

DEPENDENCIES
  sass

RUBY VERSION
   ruby 2.4.0p0

BUNDLED WITH
   1.14.6
